PATH
  remote: .
  specs:
    cloudsap (0.1.0)
      aws-sdk-eks (~> 1.41)
      aws-sdk-iam (~> 1.44)
      concurrent-ruby (~> 1.1)
      deep_merge (~> 1.2)
      erb (~> 2.2)
      kubeclient (~> 4.9)
      prometheus-client (~> 2.1)
      rack (~> 2.2)
      rake (>= 13.0.1)
      thin (~> 1.7)
      thor (~> 1.0)

GEM
  remote: https://rubygems.org/
  specs:
    addressable (2.7.0)
      public_suffix (>= 2.0.2, < 5.0)
    ast (2.4.2)
    aws-eventstream (1.1.0)
    aws-partitions (1.422.0)
    aws-sdk-core (3.112.0)
      aws-eventstream (~> 1, >= 1.0.2)
      aws-partitions (~> 1, >= 1.239.0)
      aws-sigv4 (~> 1.1)
      jmespath (~> 1.0)
    aws-sdk-eks (1.47.0)
      aws-sdk-core (~> 3, >= 3.112.0)
      aws-sigv4 (~> 1.1)
    aws-sdk-iam (1.47.0)
      aws-sdk-core (~> 3, >= 3.112.0)
      aws-sigv4 (~> 1.1)
    aws-sigv4 (1.2.2)
      aws-eventstream (~> 1, >= 1.0.2)
    cgi (0.2.0)
    coderay (1.1.3)
    concurrent-ruby (1.1.8)
    daemons (1.3.1)
    deep_merge (1.2.1)
    domain_name (0.5.20190701)
      unf (>= 0.0.5, < 1.0.0)
    erb (2.2.2)
      cgi
    eventmachine (1.2.7)
    ffi (1.14.2)
    ffi-compiler (1.0.1)
      ffi (>= 1.0.0)
      rake
    http (4.4.1)
      addressable (~> 2.3)
      http-cookie (~> 1.0)
      http-form_data (~> 2.2)
      http-parser (~> 1.2.0)
    http-accept (1.7.0)
    http-cookie (1.0.3)
      domain_name (~> 0.5)
    http-form_data (2.3.0)
    http-parser (1.2.3)
      ffi-compiler (>= 1.0, < 2.0)
    jmespath (1.4.0)
    jsonpath (1.1.0)
      multi_json
    kubeclient (4.9.1)
      http (>= 3.0, < 5.0)
      jsonpath (~> 1.0)
      recursive-open-struct (~> 1.1, >= 1.1.1)
      rest-client (~> 2.0)
    listen (3.4.1)
      rb-fsevent (~> 0.10, >= 0.10.3)
      rb-inotify (~> 0.9, >= 0.9.10)
    method_source (1.0.0)
    mime-types (3.3.1)
      mime-types-data (~> 3.2015)
    mime-types-data (3.2020.1104)
    minitest (5.14.3)
    multi_json (1.15.0)
    netrc (0.11.0)
    parallel (1.20.1)
    parser (3.0.0.0)
      ast (~> 2.4.1)
    prometheus-client (2.1.0)
    pry (0.13.1)
      coderay (~> 1.1)
      method_source (~> 1.0)
    pry-remote (0.1.8)
      pry (~> 0.9)
      slop (~> 3.0)
    public_suffix (4.0.6)
    rack (2.2.3)
    rainbow (3.0.0)
    rake (13.0.3)
    rb-fsevent (0.10.4)
    rb-inotify (0.10.1)
      ffi (~> 1.0)
    recursive-open-struct (1.1.3)
    regexp_parser (2.0.3)
    rerun (0.13.1)
      listen (~> 3.0)
    rest-client (2.1.0)
      http-accept (>= 1.7.0, < 2.0)
      http-cookie (>= 1.0.2, < 2.0)
      mime-types (>= 1.16, < 4.0)
      netrc (~> 0.8)
    rexml (3.2.4)
    rubocop (1.9.1)
      parallel (~> 1.10)
      parser (>= 3.0.0.0)
      rainbow (>= 2.2.2, < 4.0)
      regexp_parser (>= 1.8, < 3.0)
      rexml
      rubocop-ast (>= 1.2.0, < 2.0)
      ruby-progressbar (~> 1.7)
      unicode-display_width (>= 1.4.0, < 3.0)
    rubocop-ast (1.4.1)
      parser (>= 2.7.1.5)
    rubocop-minitest (0.10.3)
      rubocop (>= 0.87, < 2.0)
    ruby-progressbar (1.11.0)
    slop (3.6.0)
    thin (1.8.0)
      daemons (~> 1.0, >= 1.0.9)
      eventmachine (~> 1.0, >= 1.0.4)
      rack (>= 1, < 3)
    thor (1.1.0)
    unf (0.1.4)
      unf_ext
    unf_ext (0.0.7.7)
    unicode-display_width (2.0.0)

PLATFORMS
  ruby

DEPENDENCIES
  cloudsap!
  minitest (~> 5.0)
  pry (>= 0.13)
  pry-remote (>= 0.1)
  rerun (>= 0.13)
  rubocop (~> 1.9.0)
  rubocop-minitest (~> 0.10.3)

BUNDLED WITH
   2.1.4
