PATH
  remote: .
  specs:
    cloudsap (0.3.2)
      aws-sdk-eks (~> 1.41)
      aws-sdk-iam (~> 1.44)
      concurrent-ruby (~> 1.1)
      deep_merge (~> 1.2)
      erb (~> 2.2)
      kubeclient (~> 4.9)
      prometheus-client (~> 2.1)
      rack (~> 2.2)
      rake (>= 13.0.1)
      thin (~> 1.7)
      thor (~> 1.0)

GEM
  remote: https://rubygems.org/
  specs:
    addressable (2.8.7)
      public_suffix (>= 2.0.2, < 7.0)
    ast (2.4.2)
    aws-eventstream (1.4.0)
    aws-partitions (1.1124.0)
    aws-sdk-core (3.226.2)
      aws-eventstream (~> 1, >= 1.3.0)
      aws-partitions (~> 1, >= 1.992.0)
      aws-sigv4 (~> 1.9)
      base64
      jmespath (~> 1, >= 1.6.1)
      logger
    aws-sdk-eks (1.139.0)
      aws-sdk-core (~> 3, >= 3.225.0)
      aws-sigv4 (~> 1.5)
    aws-sdk-iam (1.124.0)
      aws-sdk-core (~> 3, >= 3.225.0)
      aws-sigv4 (~> 1.5)
    aws-sigv4 (1.12.1)
      aws-eventstream (~> 1, >= 1.0.2)
    base64 (0.3.0)
    cgi (0.5.0)
    coderay (1.1.3)
    concurrent-ruby (1.3.5)
    daemons (1.4.1)
    deep_merge (1.2.2)
    domain_name (0.6.20240107)
    erb (2.2.3)
      cgi
    eventmachine (1.2.7)
    ffi (1.14.2)
    ffi-compiler (1.0.1)
      ffi (>= 1.0.0)
      rake
    http (5.3.1)
      addressable (~> 2.8)
      http-cookie (~> 1.0)
      http-form_data (~> 2.2)
      llhttp-ffi (~> 0.5.0)
    http-accept (1.7.0)
    http-cookie (1.0.8)
      domain_name (~> 0.5)
    http-form_data (2.3.0)
    jmespath (1.6.2)
    jsonpath (1.1.5)
      multi_json
    kubeclient (4.12.0)
      http (>= 3.0, < 6.0)
      jsonpath (~> 1.0)
      recursive-open-struct (~> 1.1, >= 1.1.1)
      rest-client (~> 2.0)
    listen (3.4.1)
      rb-fsevent (~> 0.10, >= 0.10.3)
      rb-inotify (~> 0.9, >= 0.9.10)
    llhttp-ffi (0.5.1)
      ffi-compiler (~> 1.0)
      rake (~> 13.0)
    logger (1.7.0)
    method_source (1.0.0)
    mime-types (3.7.0)
      logger
      mime-types-data (~> 3.2025, >= 3.2025.0507)
    mime-types-data (3.2025.0701)
    minitest (5.14.3)
    multi_json (1.15.0)
    netrc (0.11.0)
    ostruct (0.6.2)
    parallel (1.20.1)
    parser (3.0.0.0)
      ast (~> 2.4.1)
    prometheus-client (2.1.0)
    pry (0.13.1)
      coderay (~> 1.1)
      method_source (~> 1.0)
    pry-remote (0.1.8)
      pry (~> 0.9)
      slop (~> 3.0)
    public_suffix (5.1.1)
    rack (2.2.17)
    rainbow (3.0.0)
    rake (13.3.0)
    rb-fsevent (0.10.4)
    rb-inotify (0.10.1)
      ffi (~> 1.0)
    recursive-open-struct (1.3.1)
      ostruct
    regexp_parser (2.0.3)
    rerun (0.13.1)
      listen (~> 3.0)
    rest-client (2.1.0)
      http-accept (>= 1.7.0, < 2.0)
      http-cookie (>= 1.0.2, < 2.0)
      mime-types (>= 1.16, < 4.0)
      netrc (~> 0.8)
    rexml (3.2.4)
    rubocop (1.9.1)
      parallel (~> 1.10)
      parser (>= 3.0.0.0)
      rainbow (>= 2.2.2, < 4.0)
      regexp_parser (>= 1.8, < 3.0)
      rexml
      rubocop-ast (>= 1.2.0, < 2.0)
      ruby-progressbar (~> 1.7)
      unicode-display_width (>= 1.4.0, < 3.0)
    rubocop-ast (1.4.1)
      parser (>= 2.7.1.5)
    rubocop-minitest (0.10.3)
      rubocop (>= 0.87, < 2.0)
    ruby-progressbar (1.11.0)
    slop (3.6.0)
    thin (1.8.2)
      daemons (~> 1.0, >= 1.0.9)
      eventmachine (~> 1.0, >= 1.0.4)
      rack (>= 1, < 3)
    thor (1.3.2)
    unicode-display_width (2.0.0)

PLATFORMS
  ruby

DEPENDENCIES
  cloudsap!
  minitest (~> 5.0)
  pry (>= 0.13)
  pry-remote (>= 0.1)
  rerun (>= 0.13)
  rubocop (~> 1.9.0)
  rubocop-minitest (~> 0.10.3)

BUNDLED WITH
   2.1.4
